PATH
  remote: .
  specs:

GEM
  remote: https://rubygems.org/
  specs:

PLATFORMS
  ruby

DEPENDENCIES
  rspec (>= 2.5.0)
  taskjuggler!
